GEM
  remote: http://rubygems.org/
  specs:
    activesupport (3.0.6)
    archive-tar-minitar (0.5.2)
    bson (1.3.0)
    columnize (0.3.2)
    git (1.2.5)
    i18n (0.5.0)
    jeweler (1.5.2)
      bundler (~> 1.0.0)
      git (>= 1.2.5)
      rake
    linecache19 (0.5.12)
      ruby_core_source (>= 0.1.4)
    minitest (2.0.2)
    mongo (1.3.0)
      bson (>= 1.3.0)
    rake (0.8.7)
    rcov (0.9.9)
    ruby-debug-base19 (0.11.25)
      columnize (>= 0.3.1)
      linecache19 (>= 0.5.11)
      ruby_core_source (>= 0.1.4)
    ruby-debug19 (0.11.6)
      columnize (>= 0.3.1)
      linecache19 (>= 0.5.11)
      ruby-debug-base19 (>= 0.11.19)
    ruby_core_source (0.1.5)
      archive-tar-minitar (>= 0.5.2)
    yard (0.6.6)

PLATFORMS
  ruby

DEPENDENCIES
  activesupport (>= 3.0.0)
  bson (>= 1.2.4)
  bundler (~> 1.0.11)
  i18n (>= 0.5.0)
  jeweler (~> 1.5.2)
  minitest
  mongo (>= 1.2.4)
  rcov
  ruby-debug19
  yard (~> 0.6.5)
